PATH
  remote: .
  specs:
    family_tree (0.0.1)
      methadone (~> 1.2.6)
      open4

GEM
  remote: https://rubygems.org/
  specs:
    activesupport (3.0.20)
    aruba (0.5.1)
      childprocess (~> 0.3.6)
      cucumber (>= 1.1.1)
      rspec-expectations (>= 2.7.0)
    builder (3.2.0)
    childprocess (0.3.9)
      ffi (~> 1.0, >= 1.0.11)
    colorize (0.5.8)
    columnize (0.3.6)
    cucumber (1.2.3)
      builder (>= 2.1.2)
      diff-lcs (>= 1.1.3)
      gherkin (~> 2.11.6)
      multi_json (~> 1.3)
    debugger (1.6.0)
      columnize (>= 0.3.1)
      debugger-linecache (~> 1.2.0)
      debugger-ruby_core_source (~> 1.2.1)
    debugger-linecache (1.2.0)
    debugger-ruby_core_source (1.2.2)
    diff-lcs (1.2.1)
    ffi (1.4.0)
    gherkin (2.11.6)
      json (>= 1.7.6)
    json (1.7.7)
    methadone (1.2.6)
      bundler
    multi_json (1.7.0)
    open4 (1.3.0)
    rails-erd (0.1.1)
      activesupport (~> 3.0.0)
      ruby-graphviz (~> 0.9.17)
    rake (0.9.6)
    rdoc (4.0.0)
      json (~> 1.4)
    rspec-expectations (2.13.0)
      diff-lcs (>= 1.1.3, < 2.0)
    ruby-graphviz (0.9.21)

PLATFORMS
  ruby

DEPENDENCIES
  aruba
  colorize
  debugger
  family_tree!
  rails-erd
  rake (~> 0.9.2)
  rdoc
